PATH
  remote: .
  specs:
    fcg-core-ext (0.0.5)
      andand (>= 1.3.1)
      facets (>= 2.8.4)
      hashie (>= 0.4.0)
      msgpack (>= 0.4.3)
      thor (>= 0.14.3)
      yajl-ruby

GEM
  remote: http://rubygems.org/
  specs:
    andand (1.3.1)
    facets (2.9.1)
    hashie (1.0.0)
    msgpack (0.4.4)
    thor (0.14.6)
    thoughtbot-shoulda (2.11.1)
    yajl-ruby (0.8.1)

PLATFORMS
  ruby

DEPENDENCIES
  fcg-core-ext!
  thoughtbot-shoulda (>= 2.11.1)
